PATH
  remote: .
  specs:
    nezu (0.7.1)
      activerecord
      activesupport
      amqp
      bunny
      configatron
      mysql2
      term-ansicolor

GEM
  remote: https://rubygems.org/
  specs:
    activemodel (4.0.0)
      activesupport (= 4.0.0)
      builder (~> 3.1.0)
    activerecord (4.0.0)
      activemodel (= 4.0.0)
      activerecord-deprecated_finders (~> 1.0.2)
      activesupport (= 4.0.0)
      arel (~> 4.0.0)
    activerecord-deprecated_finders (1.0.3)
    activesupport (4.0.0)
      i18n (~> 0.6, >= 0.6.4)
      minitest (~> 4.2)
      multi_json (~> 1.3)
      thread_safe (~> 0.1)
      tzinfo (~> 0.3.37)
    amq-client (1.0.2)
      amq-protocol (>= 1.2.0)
      eventmachine
    amq-protocol (1.7.0)
    amqp (1.0.2)
      amq-client (~> 1.0.2)
      amq-protocol (>= 1.3.0)
      eventmachine
    arel (4.0.0)
    atomic (1.1.12)
    builder (3.1.4)
    bunny (0.10.2)
      amq-protocol (>= 1.6.0)
    columnize (0.3.6)
    configatron (2.13.0)
      yamler (>= 0.1.0)
    debugger (1.6.1)
      columnize (>= 0.3.1)
      debugger-linecache (~> 1.2.0)
      debugger-ruby_core_source (~> 1.2.3)
    debugger-linecache (1.2.0)
    debugger-ruby_core_source (1.2.3)
    diff-lcs (1.2.4)
    eventmachine (1.0.3)
    i18n (0.6.4)
    json (1.8.0)
    minitest (4.7.5)
    multi_json (1.7.9)
    mysql2 (0.3.13)
    rake (10.1.0)
    rdoc (3.12.2)
      json (~> 1.4)
    rspec (2.14.1)
      rspec-core (~> 2.14.0)
      rspec-expectations (~> 2.14.0)
      rspec-mocks (~> 2.14.0)
    rspec-core (2.14.4)
    rspec-expectations (2.14.1)
      diff-lcs (>= 1.1.3, < 2.0)
    rspec-mocks (2.14.3)
    sdoc (0.3.20)
      json (>= 1.1.3)
      rdoc (~> 3.10)
    term-ansicolor (1.2.2)
      tins (~> 0.8)
    thread_safe (0.1.2)
      atomic
    tins (0.8.3)
    tzinfo (0.3.37)
    yamler (0.1.0)

PLATFORMS
  ruby

DEPENDENCIES
  debugger
  nezu!
  rake
  rspec
  sdoc
