PATH
  remote: .
  specs:
    nezu (0.5.20)
      activerecord (~> 3.2.11)
      activesupport (~> 3.2.11)
      amqp
      bunny (>= 0.9.0.pre8)
      configatron
      mysql2
      term-ansicolor

GEM
  remote: https://rubygems.org/
  specs:
    activemodel (3.2.13)
      activesupport (= 3.2.13)
      builder (~> 3.0.0)
    activerecord (3.2.13)
      activemodel (= 3.2.13)
      activesupport (= 3.2.13)
      arel (~> 3.0.2)
      tzinfo (~> 0.3.29)
    activesupport (3.2.13)
      i18n (= 0.6.1)
      multi_json (~> 1.0)
    amq-client (1.0.0)
      amq-protocol (>= 1.2.0)
      eventmachine
    amq-protocol (1.2.0)
    amqp (1.0.0)
      amq-client (~> 1.0.0)
      amq-protocol (~> 1.2.0)
      eventmachine
    arel (3.0.2)
    builder (3.0.4)
    bunny (0.9.0.pre8)
      amq-protocol (>= 1.2.0)
    columnize (0.3.6)
    configatron (2.10.0)
      yamler (>= 0.1.0)
    debugger (1.4.0)
      columnize (>= 0.3.1)
      debugger-linecache (~> 1.1.1)
      debugger-ruby_core_source (~> 1.2.0)
    debugger-linecache (1.1.2)
      debugger-ruby_core_source (>= 1.1.1)
    debugger-ruby_core_source (1.2.0)
    diff-lcs (1.2.1)
    eventmachine (1.0.3)
    i18n (0.6.1)
    json (1.7.7)
    multi_json (1.7.2)
    mysql2 (0.3.11)
    rake (10.0.3)
    rdoc (3.12.2)
      json (~> 1.4)
    rspec (2.13.0)
      rspec-core (~> 2.13.0)
      rspec-expectations (~> 2.13.0)
      rspec-mocks (~> 2.13.0)
    rspec-core (2.13.1)
    rspec-expectations (2.13.0)
      diff-lcs (>= 1.1.3, < 2.0)
    rspec-mocks (2.13.0)
    sdoc (0.3.20)
      json (>= 1.1.3)
      rdoc (~> 3.10)
    term-ansicolor (1.1.4)
    tzinfo (0.3.37)
    yamler (0.1.0)

PLATFORMS
  ruby

DEPENDENCIES
  debugger
  nezu!
  rake
  rspec
  sdoc
